GEM
  remote: https://rubygems.org/
  specs:
    mina (1.2.3)
      open4 (~> 1.3.4)
      rake
    mina-scp (0.1.2)
    open4 (1.3.4)
    rake (12.3.1)

PLATFORMS
  ruby

DEPENDENCIES
  mina
  mina-scp

BUNDLED WITH
   1.15.4
